GEM
  remote: http://rubygems.org/
  specs:
    activemodel (3.2.19)
      activesupport (= 3.2.19)
      builder (~> 3.0.0)
    activesupport (3.2.19)
      i18n (~> 0.6, >= 0.6.4)
      multi_json (~> 1.0)
    addressable (2.5.1)
      public_suffix (~> 2.0, >= 2.0.2)
    bson (1.10.2)
    bson_ext (1.10.2)
      bson (~> 1.10.2)
    buftok (0.2.0)
    builder (3.0.4)
    coffee-script (2.2.0)
      coffee-script-source
      execjs
    coffee-script-source (1.2.0)
    domain_name (0.5.20170404)
      unf (>= 0.0.5, < 1.0.0)
    equalizer (0.0.10)
    execjs (1.3.0)
      multi_json (~> 1.0)
    faraday (0.9.2)
      multipart-post (>= 1.2, < 3)
    ffi (1.0.11)
    guard (1.0.0)
      ffi (>= 0.5.0)
      thor (~> 0.14.6)
    guard-coffeescript (0.5.4)
      coffee-script (>= 2.2.0)
      guard (>= 0.8.3)
    haml (3.1.2)
    http (1.0.4)
      addressable (~> 2.3)
      http-cookie (~> 1.0)
      http-form_data (~> 1.0.1)
      http_parser.rb (~> 0.6.0)
    http-cookie (1.0.3)
      domain_name (~> 0.5)
    http-form_data (1.0.3)
    http_parser.rb (0.6.0)
    i18n (0.6.11)
    json (1.8.3)
    memoizable (0.4.2)
      thread_safe (~> 0.3, >= 0.3.1)
    mongo (1.10.2)
      bson (= 1.10.2)
    mongoid (2.8.1)
      activemodel (~> 3.1)
      mongo (~> 1.9)
      tzinfo (~> 0.3.22)
    multi_json (1.10.1)
    multipart-post (2.0.0)
    naught (1.1.0)
    oauth (0.4.5)
    public_suffix (2.0.5)
    rack (1.5.2)
    rack_csrf (2.3.0)
      rack (>= 0.9)
    simple_oauth (0.3.1)
    sinatra (1.2.6)
      rack (~> 1.1)
      tilt (>= 1.2.2, < 2.0)
    sinatra-flash (0.3.0)
      sinatra (>= 1.0.0)
    string-pad (0.0.1)
    thor (0.14.6)
    thread_safe (0.3.6)
    tilt (1.3.2)
    twitter (5.17.0)
      addressable (~> 2.3)
      buftok (~> 0.2.0)
      equalizer (= 0.0.10)
      faraday (~> 0.9.0)
      http (~> 1.0)
      http_parser.rb (~> 0.6.0)
      json (~> 1.8)
      memoizable (~> 0.4.0)
      naught (~> 1.0)
      simple_oauth (~> 0.3.0)
    tzinfo (0.3.41)
    unf (0.1.4)
      unf_ext
    unf_ext (0.0.7.4)

PLATFORMS
  ruby

DEPENDENCIES
  bson_ext
  guard-coffeescript
  haml
  json (= 1.8.3)
  mongo
  mongoid
  oauth
  rack_csrf
  sinatra
  sinatra-flash
  string-pad
  twitter (~> 5.15)

BUNDLED WITH
   1.11.2
