GEM
  remote: http://rubygems.org/
  specs:
    activemodel (3.2.19)
      activesupport (= 3.2.19)
      builder (~> 3.0.0)
    activesupport (3.2.19)
      i18n (~> 0.6, >= 0.6.4)
      multi_json (~> 1.0)
    bson (1.10.2)
    bson_ext (1.10.2)
      bson (~> 1.10.2)
    builder (3.0.4)
    coffee-script (2.2.0)
      coffee-script-source
      execjs
    coffee-script-source (1.2.0)
    execjs (1.3.0)
      multi_json (~> 1.0)
    faraday (0.9.0)
      multipart-post (>= 1.2, < 3)
    ffi (1.0.11)
    guard (1.0.0)
      ffi (>= 0.5.0)
      thor (~> 0.14.6)
    guard-coffeescript (0.5.4)
      coffee-script (>= 2.2.0)
      guard (>= 0.8.3)
    haml (3.1.2)
    i18n (0.6.11)
    json (1.8.3)
    mongo (1.10.2)
      bson (= 1.10.2)
    mongoid (2.8.1)
      activemodel (~> 3.1)
      mongo (~> 1.9)
      tzinfo (~> 0.3.22)
    multi_json (1.10.1)
    multipart-post (2.0.0)
    oauth (0.4.5)
    rack (1.5.2)
    rack_csrf (2.3.0)
      rack (>= 0.9)
    simple_oauth (0.2.0)
    sinatra (1.2.6)
      rack (~> 1.1)
      tilt (>= 1.2.2, < 2.0)
    sinatra-flash (0.3.0)
      sinatra (>= 1.0.0)
    string-pad (0.0.1)
    thor (0.14.6)
    tilt (1.3.2)
    twitter (4.8.1)
      faraday (~> 0.8, < 0.10)
      multi_json (~> 1.0)
      simple_oauth (~> 0.2)
    tzinfo (0.3.41)

PLATFORMS
  ruby

DEPENDENCIES
  bson_ext
  guard-coffeescript
  haml
  json (= 1.8.3)
  mongo
  mongoid
  oauth
  rack_csrf
  sinatra
  sinatra-flash
  string-pad
  twitter (= 4.8.1)

BUNDLED WITH
   1.11.2
